GEM
  remote: https://rubygems.org/
  specs:
    coderay (1.1.1)
    method_source (0.8.2)
    pry (0.10.4)
      coderay (~> 1.1.0)
      method_source (~> 0.8.1)
      slop (~> 3.4)
    rfuse (1.1.2)
    rfusefs (1.0.3)
      rfuse (~> 1.1)
    ruby-safenet (0.5.7)
    slop (3.6.0)

PLATFORMS
  ruby

DEPENDENCIES
  pry!
  rfusefs!
  ruby-safenet!

BUNDLED WITH
   1.14.6
